GIT
  remote: https://github.com/nervosnetwork/ckb-sdk-ruby.git
  revision: 4dcc050b362ed176bd7a6d03999d4f4e8b5e9eb5
  branch: rc/v0.16.0
  specs:
    ckb-sdk-ruby (0.16.0)
      bitcoin-secp256k1 (~> 0.5.2)
      net-http-persistent (~> 3.0.0)
      rbnacl (~> 6.0, >= 6.0.1)

GEM
  remote: https://rubygems.org/
  specs:
    bitcoin-secp256k1 (0.5.2)
      ffi (>= 1.9.25)
    connection_pool (2.2.2)
    ffi (1.11.1)
    net-http-persistent (3.0.1)
      connection_pool (~> 2.2)
    rbnacl (6.0.1)
      ffi

PLATFORMS
  ruby

DEPENDENCIES
  ckb-sdk-ruby!

RUBY VERSION
   ruby 2.6.3p62

BUNDLED WITH
   2.0.2
