GIT
  remote: https://github.com/nervosnetwork/ckb-sdk-ruby.git
  revision: 285e3e8f2ff4854de4874fdb93efacea6cc4106e
  branch: rc/v0.23.1
  specs:
    ckb-sdk-ruby (0.23.1)
      bitcoin-secp256k1 (~> 0.5.2)
      net-http-persistent (~> 3.0.0)
      rbnacl (~> 6.0, >= 6.0.1)

GEM
  remote: https://rubygems.org/
  specs:
    bitcoin-secp256k1 (0.5.2)
      ffi (>= 1.9.25)
    connection_pool (2.2.2)
    ffi (1.11.1)
    money-tree (0.10.0)
      ffi
    net-http-persistent (3.0.1)
      connection_pool (~> 2.2)
    rbnacl (6.0.1)
      ffi

PLATFORMS
  ruby

DEPENDENCIES
  ckb-sdk-ruby!
  money-tree

RUBY VERSION
   ruby 2.6.3p62

BUNDLED WITH
   2.0.2
